PATH
  remote: .
  specs:
    net-ldap (0.4.0)

GEM
  remote: http://rubygems.org/
  specs:
    diff-lcs (1.1.3)
    flexmock (0.9.0)
    hoe (3.0.6)
      rake (~> 0.8)
    hoe-gemspec (1.0.0)
      hoe (>= 2.2.0)
    hoe-git (1.5.0)
      hoe (>= 2.2.0)
    metaid (1.0)
    rake (0.9.2.2)
    rspec (2.10.0)
      rspec-core (~> 2.10.0)
      rspec-expectations (~> 2.10.0)
      rspec-mocks (~> 2.10.0)
    rspec-core (2.10.1)
    rspec-expectations (2.10.0)
      diff-lcs (~> 1.1.3)
    rspec-mocks (2.10.1)

PLATFORMS
  ruby

DEPENDENCIES
  flexmock (~> 0.9.0)
  hoe (>= 2.9.1)
  hoe-gemspec (~> 1)
  hoe-git (~> 1)
  metaid (~> 1)
  net-ldap!
  rspec (~> 2.0)
